GEM
  remote: http://rubygems.org/
  specs:
    activesupport (3.2.2)
      i18n (~> 0.6)
      multi_json (~> 1.0)
    amq-client (0.9.2)
      amq-protocol (>= 0.9.0)
      eventmachine
    amq-protocol (0.9.0)
    amqp (0.9.4)
      amq-client (~> 0.9.2)
      amq-protocol (>= 0.9.0)
      eventmachine
    bench_press (0.3.1)
      activesupport (>= 2.3.5)
      facter (>= 1.5.7)
      httparty (>= 0.6.1)
      jeweler (>= 1.4.0)
    eventmachine (1.0.0.beta.4)
    facter (1.6.5)
    git (1.2.5)
    httparty (0.8.1)
      multi_json
      multi_xml
    i18n (0.6.0)
    jeweler (1.8.3)
      bundler (~> 1.0)
      git (>= 1.2.5)
      rake
      rdoc
    json (1.6.5)
    multi_json (1.1.0)
    multi_xml (0.4.1)
    rack (1.4.1)
    rack-protection (1.2.0)
      rack
    rake (0.9.2.2)
    rdoc (3.12)
      json (~> 1.4)
    sinatra (1.3.2)
      rack (~> 1.3, >= 1.3.6)
      rack-protection (~> 1.2)
      tilt (~> 1.3, >= 1.3.3)
    tilt (1.3.3)

PLATFORMS
  ruby

DEPENDENCIES
  amqp
  bench_press
  sinatra
